GEM
  remote: https://rubygems.org/
  specs:
    activesupport (7.0.4.3)
      concurrent-ruby (~> 1.0, >= 1.0.2)
      i18n (>= 1.6, < 2)
      minitest (>= 5.1)
      tzinfo (~> 2.0)
    coderay (1.1.2)
    concurrent-ruby (1.2.2)
    csv (3.1.1)
    i18n (1.12.0)
      concurrent-ruby (~> 1.0)
    method_source (0.9.2)
    mini_portile2 (2.4.0)
    minitest (5.18.0)
    nokogiri (1.10.4)
      mini_portile2 (~> 2.4.0)
    pdf-core (0.7.0)
    prawn (2.2.2)
      pdf-core (~> 0.7.0)
      ttfunk (~> 1.5)
    pry (0.12.2)
      coderay (~> 1.1.0)
      method_source (~> 0.9.0)
    squid (1.4.1)
      activesupport (>= 4.0)
      prawn (~> 2.2)
    ttfunk (1.5.1)
    tzinfo (2.0.6)
      concurrent-ruby (~> 1.0)

PLATFORMS
  ruby

DEPENDENCIES
  csv
  nokogiri
  prawn
  pry
  squid (~> 1.4)

BUNDLED WITH
   2.0.2
